GEM
  remote: https://rubygems.org/
  specs:
    icalendar (2.7.1)
      ice_cube (~> 0.16)
    ice_cube (0.16.4)

PLATFORMS
  x86_64-darwin-20
  x86_64-linux

DEPENDENCIES
  icalendar

BUNDLED WITH
   2.2.22
